GEM
  remote: https://rubygems.org/
  specs:
    ast (1.0.2)
    parser (1.3.1)
      ast (~> 1.0)
      slop (~> 3.4)
    slop (3.4.4)

PLATFORMS
  ruby

DEPENDENCIES
  parser (~> 1.3.1)
